NUGET
  remote: https://nuget.org/api/v2
  specs:
    Baseline (0.5.0.7)
    Fixie (1.0.0.41)
    HtmlTags (3.0.0.186)
    ILRepack (2.0.8)
    Jil (2.12.1)
      Sigil (>= 4.5.0)
    Microsoft.Bcl (1.1.10)
      Microsoft.Bcl.Build (>= 1.0.14)
    Microsoft.Bcl.Build (1.0.21) - import_targets: false
    Microsoft.CodeAnalysis.Analyzers (1.0.0)
    Microsoft.CodeAnalysis.Common (1.1.0-rc1-20151109-01)
      Microsoft.CodeAnalysis.Analyzers (>= 1.0.0 < 1.2.0)
      System.Collections.Immutable (>= 1.1.37)
      System.Reflection.Metadata (>= 1.1.0)
    Microsoft.CodeAnalysis.CSharp (1.1.0-rc1-20151109-01)
      Microsoft.CodeAnalysis.Common (1.1.0-rc1-20151109-01)
    Microsoft.Net.Http (2.2.29)
      Microsoft.Bcl (>= 1.1.10)
      Microsoft.Bcl.Build (>= 1.0.14)
    Newtonsoft.Json (8.0.2)
    Npgsql (3.0.3)
    Octokit (0.16.0)
      Microsoft.Net.Http
    Remotion.Linq (2.0.1)
    Shouldly (2.6.0)
    Sigil (4.5.0)
    Storyteller (3.0.0.325-rc)
    structuremap (3.1.6.186)
    System.Collections (4.0.10) - framework: dnxcore50
      System.Diagnostics.Debug (>= 4.0.0)
      System.Resources.ResourceManager (>= 4.0.0)
      System.Runtime (>= 4.0.0)
      System.Runtime (>= 4.0.20)
      System.Runtime.Extensions (>= 4.0.0)
      System.Threading (>= 4.0.0)
    System.Collections.Immutable (1.1.37)
      System.Collections (>= 4.0.0)
      System.Diagnostics.Debug (>= 4.0.0)
      System.Globalization (>= 4.0.0)
      System.Linq (>= 4.0.0)
      System.Resources.ResourceManager (>= 4.0.0)
      System.Runtime (>= 4.0.0)
      System.Runtime.Extensions (>= 4.0.0)
      System.Threading (>= 4.0.0)
    System.Diagnostics.Contracts (4.0.0) - framework: dnxcore50
      System.Runtime (>= 4.0.0)
    System.Diagnostics.Debug (4.0.10) - framework: dnxcore50
      System.Runtime (>= 4.0.0)
    System.Globalization (4.0.10) - framework: dnxcore50
      System.Runtime (>= 4.0.0)
    System.IO (4.0.10) - framework: dnxcore50
      System.Globalization (>= 4.0.0)
      System.Runtime (>= 4.0.20)
      System.Text.Encoding (>= 4.0.0)
      System.Text.Encoding (>= 4.0.10)
      System.Text.Encoding.Extensions (>= 4.0.0)
      System.Threading (>= 4.0.0)
      System.Threading.Tasks (>= 4.0.0)
    System.Linq (4.0.0) - framework: dnxcore50
      System.Collections (>= 4.0.10)
      System.Diagnostics.Debug (>= 4.0.10)
      System.Resources.ResourceManager (>= 4.0.0)
      System.Runtime (>= 4.0.20)
      System.Runtime.Extensions (>= 4.0.10)
    System.ObjectModel (4.0.10) - framework: dnxcore50
      System.Collections (>= 4.0.10)
      System.Diagnostics.Debug (>= 4.0.10)
      System.Resources.ResourceManager (>= 4.0.0)
      System.Runtime (>= 4.0.20)
      System.Threading (>= 4.0.10)
    System.Private.Uri (4.0.0) - framework: dnxcore50
    System.Reflection (4.0.10) - framework: dnxcore50
      System.IO (>= 4.0.0)
      System.Reflection.Primitives (>= 4.0.0)
      System.Runtime (>= 4.0.20)
    System.Reflection.Extensions (4.0.0)
      System.Diagnostics.Debug (>= 4.0.10)
      System.Reflection (>= 4.0.0)
      System.Reflection (>= 4.0.10)
      System.Reflection.Primitives (>= 4.0.0)
      System.Reflection.TypeExtensions (>= 4.0.0)
      System.Resources.ResourceManager (>= 4.0.0)
      System.Runtime (>= 4.0.0)
      System.Runtime (>= 4.0.20)
      System.Runtime.Extensions (>= 4.0.10)
    System.Reflection.Metadata (1.1.0)
      System.Collections (>= 4.0.0)
      System.Collections.Immutable (>= 1.1.37)
      System.Diagnostics.Debug (>= 4.0.0)
      System.IO (>= 4.0.0)
      System.Reflection (>= 4.0.0)
      System.Reflection.Extensions (>= 4.0.0)
      System.Reflection.Primitives (>= 4.0.0)
      System.Resources.ResourceManager (>= 4.0.0)
      System.Runtime (>= 4.0.0)
      System.Runtime.Extensions (>= 4.0.0)
      System.Runtime.InteropServices (>= 4.0.0)
      System.Text.Encoding (>= 4.0.0)
      System.Text.Encoding.Extensions (>= 4.0.0)
      System.Threading (>= 4.0.0)
    System.Reflection.Primitives (4.0.0) - framework: dnxcore50
      System.Runtime (>= 4.0.0)
      System.Threading (>= 4.0.0)
    System.Reflection.TypeExtensions (4.0.0) - framework: dnxcore50
      System.Diagnostics.Contracts (>= 4.0.0)
      System.Diagnostics.Debug (>= 4.0.10)
      System.Linq (>= 4.0.0)
      System.Reflection (>= 4.0.0)
      System.Reflection (>= 4.0.10)
      System.Reflection.Primitives (>= 4.0.0)
      System.Resources.ResourceManager (>= 4.0.0)
      System.Runtime (>= 4.0.0)
      System.Runtime (>= 4.0.20)
      System.Runtime.Extensions (>= 4.0.10)
    System.Resources.ResourceManager (4.0.0) - framework: dnxcore50
      System.Globalization (>= 4.0.0)
      System.Reflection (>= 4.0.0)
      System.Reflection (>= 4.0.10)
      System.Runtime (>= 4.0.0)
      System.Runtime (>= 4.0.20)
    System.Runtime (4.0.20) - framework: dnxcore50
      System.Private.Uri (>= 4.0.0)
    System.Runtime.Extensions (4.0.10) - framework: dnxcore50
      System.Runtime (>= 4.0.20)
    System.Runtime.Handles (4.0.0) - framework: dnxcore50
      System.Runtime (>= 4.0.0)
    System.Runtime.InteropServices (4.0.20)
      System.Reflection (>= 4.0.0)
      System.Reflection.Primitives (>= 4.0.0)
      System.Runtime (>= 4.0.0)
      System.Runtime.Handles (>= 4.0.0)
    System.Text.Encoding (4.0.10) - framework: dnxcore50
      System.Runtime (>= 4.0.0)
    System.Text.Encoding.Extensions (4.0.10) - framework: dnxcore50
      System.Runtime (>= 4.0.0)
      System.Text.Encoding (>= 4.0.10)
    System.Text.RegularExpressions (4.0.10) - framework: dnxcore50
      System.Collections (>= 4.0.10)
      System.Globalization (>= 4.0.10)
      System.Resources.ResourceManager (>= 4.0.0)
      System.Runtime (>= 4.0.20)
      System.Runtime.Extensions (>= 4.0.10)
      System.Threading (>= 4.0.10)
    System.Threading (4.0.10) - framework: dnxcore50
      System.Runtime (>= 4.0.0)
      System.Threading.Tasks (>= 4.0.0)
    System.Threading.Tasks (4.0.10) - framework: dnxcore50
      System.Runtime (>= 4.0.0)
    xunit (2.1.0)
      xunit.assert (2.1.0)
      xunit.core (2.1.0)
    xunit.abstractions (2.0.0) - framework: dnx451, dnxcore50, monoandroid, monotouch, xamarinios, winv4.5, wpv8.0, portable-net45+win80+wp80+wpa81, >= net45
    xunit.assert (2.1.0)
      System.Collections (>= 4.0.0)
      System.Diagnostics.Debug (>= 4.0.0)
      System.Globalization (>= 4.0.0)
      System.Linq (>= 4.0.0)
      System.ObjectModel (>= 4.0.0)
      System.Reflection (>= 4.0.0)
      System.Reflection.Extensions (>= 4.0.0)
      System.Runtime (>= 4.0.0)
      System.Runtime.Extensions (>= 4.0.0)
      System.Text.RegularExpressions (>= 4.0.0)
      System.Threading.Tasks (>= 4.0.0)
    xunit.core (2.1.0)
      System.Collections (>= 4.0.0)
      System.Diagnostics.Debug (>= 4.0.0)
      System.Globalization (>= 4.0.0)
      System.Linq (>= 4.0.0)
      System.Reflection (>= 4.0.0)
      System.Reflection.Extensions (>= 4.0.0)
      System.Runtime (>= 4.0.0)
      System.Runtime.Extensions (>= 4.0.0)
      System.Threading.Tasks (>= 4.0.0)
      xunit.abstractions (>= 2.0.0)
      xunit.extensibility.core (2.1.0)
      xunit.extensibility.execution (2.1.0)
    xunit.extensibility.core (2.1.0) - framework: dnx451, dnxcore50, monoandroid, monotouch, xamarinios, winv4.5, wpv8.0, portable-net45+win80+wp80+wpa81, >= net45
      xunit.abstractions (2.0.0)
    xunit.extensibility.execution (2.1.0) - framework: dnx451, dnxcore50, monoandroid, monotouch, xamarinios, winv4.5, wpv8.0, portable-net45+win80+wp80+wpa81, >= net45
      xunit.extensibility.core (2.1.0)
    xunit.runner.console (2.1.0)
